GEM
  remote: http://rubygems.org/
  specs:
    addressable (2.4.0)
    bcrypt (3.1.11)
    bcrypt (3.1.11-java)
    bcrypt-ruby (3.1.5)
      bcrypt (>= 3.1.3)
    bcrypt-ruby (3.1.5-java)
      bcrypt (>= 3.1.3)
    concurrent-ruby (1.0.2)
    concurrent-ruby (1.0.2-java)
    crypt (2.2.1)
    daemons (1.2.4)
    data_mapper (1.2.0)
      dm-aggregates (~> 1.2.0)
      dm-constraints (~> 1.2.0)
      dm-core (~> 1.2.0)
      dm-migrations (~> 1.2.0)
      dm-serializer (~> 1.2.0)
      dm-timestamps (~> 1.2.0)
      dm-transactions (~> 1.2.0)
      dm-types (~> 1.2.0)
      dm-validations (~> 1.2.0)
    data_objects (0.10.17)
      addressable (~> 2.1)
    dm-aggregates (1.2.0)
      dm-core (~> 1.2.0)
    dm-constraints (1.2.0)
      dm-core (~> 1.2.0)
    dm-core (1.2.1)
      addressable (~> 2.3)
    dm-do-adapter (1.2.0)
      data_objects (~> 0.10.6)
      dm-core (~> 1.2.0)
    dm-migrations (1.2.0)
      dm-core (~> 1.2.0)
    dm-mysql-adapter (1.2.0)
      dm-do-adapter (~> 1.2.0)
      do_mysql (~> 0.10.6)
    dm-serializer (1.2.2)
      dm-core (~> 1.2.0)
      fastercsv (~> 1.5)
      json (~> 1.6)
      json_pure (~> 1.6)
      multi_json (~> 1.0)
    dm-timestamps (1.2.0)
      dm-core (~> 1.2.0)
    dm-transactions (1.2.0)
      dm-core (~> 1.2.0)
    dm-types (1.2.2)
      bcrypt-ruby (~> 3.0)
      dm-core (~> 1.2.0)
      fastercsv (~> 1.5)
      json (~> 1.6)
      multi_json (~> 1.0)
      stringex (~> 1.4)
      uuidtools (~> 2.1)
    dm-validations (1.2.0)
      dm-core (~> 1.2.0)
    do_jdbc (0.10.17-java)
      data_objects (= 0.10.17)
    do_mysql (0.10.17)
      data_objects (= 0.10.17)
    do_mysql (0.10.17-java)
      data_objects (= 0.10.17)
      do_jdbc (= 0.10.17)
      jdbc-mysql (>= 5.0.4)
    eventmachine (1.2.0.1)
    fastercsv (1.5.5)
    gpgme (2.0.12)
      mini_portile2 (~> 2.1.0)
    jdbc-mysql (5.1.38)
    jruby-jars (9.1.5.0)
    jruby-rack (1.1.20)
    json (1.8.3)
    json (1.8.3-java)
    json_pure (1.8.3)
    linguistics (2.1.0)
      loggability (~> 0.11)
    loggability (0.11.0)
    mail (2.6.4)
      mime-types (>= 1.16, < 4)
    mail-gpg (0.2.6)
      gpgme (~> 2.0, >= 2.0.2)
      mail (~> 2.5, >= 2.5.3)
    mime-types (3.1)
      mime-types-data (~> 3.2015)
    mime-types-data (3.2016.0521)
    mini_portile2 (2.1.0)
    moneta (0.8.0)
    multi_json (1.12.1)
    net-ldap (0.15.0)
    rack (1.6.4)
    rack-protection (1.5.3)
      rack
    rack-test (0.6.3)
      rack (>= 1.0)
    rake (11.2.2)
    redis (3.3.1)
    require_all (1.3.3)
    rubyzip (1.2.0)
    sinatra (1.4.7)
      rack (~> 1.5)
      rack-protection (~> 1.4)
      tilt (>= 1.3, < 3)
    stringex (1.5.1)
    thin (1.7.0)
      daemons (~> 1.0, >= 1.0.9)
      eventmachine (~> 1.0, >= 1.0.4)
      rack (>= 1, < 3)
    tilt (2.0.5)
    trinidad (1.4.6)
      jruby-rack (~> 1.1.13)
      trinidad_jars (>= 1.3.0, < 1.5.0)
    trinidad_jars (1.4.2)
    uuidtools (2.1.5)
    warbler (2.0.3)
      jruby-jars (>= 9.0.0.0)
      jruby-rack (>= 1.1.1, < 1.3)
      rake (>= 10.1.0)
      rubyzip (~> 1.0, < 1.4)
    yard (0.9.5)
    yard-dm (0.1.1)
    yard-sinatra (1.0.0)
      yard (~> 0.7)

PLATFORMS
  java
  ruby

DEPENDENCIES
  concurrent-ruby
  crypt
  data_mapper
  dm-mysql-adapter
  do_jdbc
  jdbc-mysql
  json
  linguistics
  mail-gpg
  moneta
  net-ldap
  rack
  rack-test
  redis
  require_all
  sinatra
  thin
  trinidad
  warbler
  yard-dm
  yard-sinatra

BUNDLED WITH
   1.12.5
